GEM
  remote: https://rubygems.org/
  specs:
    addressable (2.3.6)
    breakpoint (2.0.7)
      compass (>= 0.12.1)
      sass (>= 3.2.0)
    chunky_png (1.2.9)
    compass (0.12.2)
      chunky_png (~> 1.2)
      fssm (>= 0.2.7)
      sass (~> 3.1)
    compass-validator (3.0.1)
    css_parser (1.3.5)
      addressable
    fssm (0.2.10)
    oily_png (1.1.0)
      chunky_png (~> 1.2.7)
    sass (3.3.4)
    susy (2.1.1)
      sass (~> 3.3.0)
    toolkit (2.1.0)
      sass (~> 3.3.0)

PLATFORMS
  ruby

DEPENDENCIES
  breakpoint
  compass
  compass-validator
  css_parser
  oily_png
  sass
  susy
  toolkit
